GEM
  remote: https://rubygems.org/
  specs:
    ansi (1.5.0)
    builder (3.2.4)
    minitest (5.15.0)
    minitest-reporters (1.4.3)
      ansi
      builder
      minitest (>= 5.0)
      ruby-progressbar
    rake (13.0.6)
    ruby-progressbar (1.11.0)
    stamp (0.6.0)

PLATFORMS
  x86_64-darwin-20

DEPENDENCIES
  minitest
  minitest-reporters
  rake
  stamp

RUBY VERSION
   ruby 3.0.3p157

BUNDLED WITH
   2.3.0
