GEM
  remote: https://rubygems.org/
  specs:
    nio4r (2.5.8)
    puma (5.6.2)
      nio4r (~> 2.0)
    rack (2.0.9)

PLATFORMS
  x86_64-darwin-20

DEPENDENCIES
  puma
  rack (~> 2.0.1)

BUNDLED WITH
   2.3.0
